PATH
  remote: .
  specs:
    summon (1.1.15pre)
      json (>= 1.2.0)

GEM
  remote: http://rubygems.org/
  specs:
    RedCloth (4.2.3)
    activesupport (2.3.10)
    diff-lcs (1.1.2)
    hoe (2.8.0)
      rake (>= 0.8.7)
    json (1.5.1)
    newgem (1.5.3)
      RedCloth (>= 4.1.1)
      activesupport (~> 2.3.4)
      hoe (>= 2.4.0)
      rubigen (>= 1.5.3)
      syntax (>= 1.0.0)
    rake (0.8.7)
    rspec (2.4.0)
      rspec-core (~> 2.4.0)
      rspec-expectations (~> 2.4.0)
      rspec-mocks (~> 2.4.0)
    rspec-core (2.4.0)
    rspec-expectations (2.4.0)
      diff-lcs (~> 1.1.2)
    rspec-mocks (2.4.0)
    rubigen (1.5.5)
      activesupport (~> 2.3.5)
    syntax (1.0.0)

PLATFORMS
  ruby

DEPENDENCIES
  hoe (>= 2.6.2)
  json (>= 1.2.0)
  newgem
  rspec (>= 1.2.9)
  summon!
